GEM
  remote: https://rubygems.org/
  specs:
    anemone (0.7.2)
      nokogiri (>= 1.3.0)
      robotex (>= 1.0.0)
    builder (3.2.2)
    mini_portile (0.6.2)
    nokogiri (1.6.6.2)
      mini_portile (~> 0.6.0)
    robotex (1.0.0)
    sitemap_generator (5.0.5)
      builder

PLATFORMS
  ruby

DEPENDENCIES
  anemone
  sitemap_generator
